GEM
  remote: https://rubygems.org/
  specs:
    aws-sdk (2.6.19)
      aws-sdk-resources (= 2.6.19)
    aws-sdk-core (2.6.19)
      jmespath (~> 1.0)
    aws-sdk-resources (2.6.19)
      aws-sdk-core (= 2.6.19)
    faraday (0.10.0)
      multipart-post (>= 1.2, < 3)
    jmespath (1.3.1)
    multipart-post (2.0.0)
    rubyzip (1.2.0)
    sqlite3 (1.3.12)

PLATFORMS
  ruby

DEPENDENCIES
  aws-sdk (~> 2.6, >= 2.6.19)
  faraday (~> 0.10.0)
  rubyzip (~> 1.2)
  sqlite3 (~> 1.3, >= 1.3.12)

BUNDLED WITH
   1.13.6
