GEM
  remote: https://rubygems.org/
  specs:
    faraday (0.9.2)
      multipart-post (>= 1.2, < 3)
    multipart-post (2.0.0)
    proxies (0.2.1)
    s3 (0.3.24)
      proxies (~> 0.2.0)

PLATFORMS
  ruby

DEPENDENCIES
  faraday
  s3

RUBY VERSION
   ruby 2.3.0p0

BUNDLED WITH
   1.12.5
